PATH
  remote: .
  specs:
    git-deploy (0.6.2)
      net-scp (~> 1.1)
      net-ssh (~> 3.0, >= 3.0.2)
      thor (= 0.14.6)

GEM
  remote: https://rubygems.org/
  specs:
    diff-lcs (1.2.5)
    net-scp (1.2.1)
      net-ssh (>= 2.6.5)
    net-ssh (3.1.1)
    rspec (2.13.0)
      rspec-core (~> 2.13.0)
      rspec-expectations (~> 2.13.0)
      rspec-mocks (~> 2.13.0)
    rspec-core (2.13.1)
    rspec-expectations (2.13.0)
      diff-lcs (>= 1.1.3, < 2.0)
    rspec-mocks (2.13.1)
    thor (0.14.6)

PLATFORMS
  ruby
  x64-mingw32

DEPENDENCIES
  git-deploy!
  rspec (~> 2.13.0)

BUNDLED WITH
   1.11.2
